PATH
  remote: .
  specs:
    eldr-action (0.0.1)
      activemodel (~> 4.0)
      eldr (~> 0.0)

GEM
  remote: https://rubygems.org/
  specs:
    activemodel (4.2.0)
      activesupport (= 4.2.0)
      builder (~> 3.1)
    activesupport (4.2.0)
      i18n (~> 0.7)
      json (~> 1.7, >= 1.7.7)
      minitest (~> 5.1)
      thread_safe (~> 0.3, >= 0.3.4)
      tzinfo (~> 1.1)
    builder (3.2.2)
    eldr (0.0.4)
      fast_blank (= 0.0.2)
      mustermann (= 0.4.0)
      rack (~> 1.5)
    fast_blank (0.0.2)
    i18n (0.7.0)
    json (1.8.2)
    minitest (5.5.1)
    mustermann (0.4.0)
      tool (~> 0.2)
    rack (1.6.0)
    rake (10.4.2)
    thread_safe (0.3.4)
    tool (0.2.3)
    tzinfo (1.2.2)
      thread_safe (~> 0.1)

PLATFORMS
  ruby

DEPENDENCIES
  bundler (~> 1.7)
  eldr-action!
  rake (~> 10.0)
